PATH
  remote: .
  specs:
    runscope_ci (0.1.0)
      httparty (~> 0.14.0)

GEM
  remote: https://rubygems.org/
  specs:
    activesupport (5.1.5)
      concurrent-ruby (~> 1.0, >= 1.0.2)
      i18n (~> 0.7)
      minitest (~> 5.1)
      tzinfo (~> 1.1)
    byebug (10.0.0)
    concurrent-ruby (1.0.5)
    diff-lcs (1.3)
    factory_bot (4.8.2)
      activesupport (>= 3.0.0)
    httparty (0.14.0)
      multi_xml (>= 0.5.2)
    i18n (0.9.5)
      concurrent-ruby (~> 1.0)
    json (2.1.0)
    minitest (5.11.3)
    multi_xml (0.6.0)
    rake (10.4.2)
    rspec (3.5.0)
      rspec-core (~> 3.5.0)
      rspec-expectations (~> 3.5.0)
      rspec-mocks (~> 3.5.0)
    rspec-core (3.5.4)
      rspec-support (~> 3.5.0)
    rspec-expectations (3.5.0)
      diff-lcs (>= 1.2.0, < 2.0)
      rspec-support (~> 3.5.0)
    rspec-mocks (3.5.0)
      diff-lcs (>= 1.2.0, < 2.0)
      rspec-support (~> 3.5.0)
    rspec-support (3.5.0)
    thread_safe (0.3.6)
    tzinfo (1.2.5)
      thread_safe (~> 0.1)

PLATFORMS
  ruby

DEPENDENCIES
  bundler (~> 1.11)
  byebug
  factory_bot (~> 4.8.2)
  json
  rake (~> 10.0)
  rspec (~> 3.0)
  runscope_ci!

BUNDLED WITH
   1.16.0
